PATH
  remote: .
  specs:
    rubyBHL (0.3.1)
      dotenv (~> 2.7)
      json (~> 2.2)

GEM
  remote: https://rubygems.org/
  specs:
    awesome_print (1.8.0)
    byebug (11.0.1)
    diff-lcs (1.3)
    dotenv (2.7.5)
    git (1.5.0)
    json (2.2.0)
    rake (12.3.3)
    rspec (3.8.0)
      rspec-core (~> 3.8.0)
      rspec-expectations (~> 3.8.0)
      rspec-mocks (~> 3.8.0)
    rspec-core (3.8.2)
      rspec-support (~> 3.8.0)
    rspec-expectations (3.8.4)
      diff-lcs (>= 1.2.0, < 2.0)
      rspec-support (~> 3.8.0)
    rspec-mocks (3.8.1)
      diff-lcs (>= 1.2.0, < 2.0)
      rspec-support (~> 3.8.0)
    rspec-support (3.8.2)

PLATFORMS
  ruby

DEPENDENCIES
  awesome_print (~> 1.2)
  bundler (~> 2.0)
  byebug
  git (~> 1.5)
  rake (~> 12.3.2)
  rspec (~> 3.8.0)
  rubyBHL!

BUNDLED WITH
   2.0.2
